PATH
  remote: .
  specs:
    newrelic_postgres_instance_plugin (0.1.0)
      newrelic_plugin (~> 1.3, >= 1.3.1)
      pg (~> 0.17, >= 0.17.0)

GEM
  remote: https://rubygems.org/
  specs:
    json (1.8.3)
    newrelic_plugin (1.3.1)
      json
    pg (0.18.2)

PLATFORMS
  ruby

DEPENDENCIES
  newrelic_postgres_instance_plugin!

BUNDLED WITH
   1.10.5
